GEM
  remote: http://rubygems.org/
  specs:
    SystemTimer (1.2.3)
    actionmailer (3.1.3)
      actionpack (= 3.1.3)
      mail (~> 2.3.0)
    actionpack (3.1.3)
      activemodel (= 3.1.3)
      activesupport (= 3.1.3)
      builder (~> 3.0.0)
      erubis (~> 2.7.0)
      i18n (~> 0.6)
      rack (~> 1.3.5)
      rack-cache (~> 1.1)
      rack-mount (~> 0.8.2)
      rack-test (~> 0.6.1)
      sprockets (~> 2.0.3)
    activemodel (3.1.3)
      activesupport (= 3.1.3)
      builder (~> 3.0.0)
      i18n (~> 0.6)
    activerecord (3.1.3)
      activemodel (= 3.1.3)
      activesupport (= 3.1.3)
      arel (~> 2.2.1)
      tzinfo (~> 0.3.29)
    activeresource (3.1.3)
      activemodel (= 3.1.3)
      activesupport (= 3.1.3)
    activesupport (3.1.3)
      multi_json (~> 1.0)
    arel (2.2.1)
    bson (1.3.1)
    bson_ext (1.3.1)
    builder (3.0.0)
    chronic (0.6.7)
    ci_reporter (1.6.5)
      builder (>= 2.1.2)
    daemon_controller (0.2.6)
    database_cleaner (0.6.7)
    erubis (2.7.0)
    faker (0.9.5)
      i18n (~> 0.4)
    fastthread (1.0.7)
    graylog2-declarative_authorization (0.5.2)
    hike (1.2.1)
    home_run (1.0.4)
    hoptoad_notifier (2.4.11)
      activesupport
      builder
    i18n (0.6.0)
    json (1.5.4)
    kaminari (0.12.4)
      rails (>= 3.0.0)
    machinist (1.0.6)
    machinist_mongo (1.2.0)
      machinist (~> 1.0.6)
    mail (2.3.0)
      i18n (>= 0.4.0)
      mime-types (~> 1.16)
      treetop (~> 1.4.8)
    mime-types (1.17.2)
    mocha (0.9.12)
    mongo (1.3.1)
      bson (>= 1.3.1)
    mongoid (2.4.5)
      activemodel (~> 3.1)
      mongo (~> 1.3)
      tzinfo (~> 0.3.22)
    multi_json (1.0.3)
    newrelic_rpm (3.3.0)
    passenger (3.0.10)
      daemon_controller (>= 0.2.5)
      fastthread (>= 1.0.1)
      rack
      rake (>= 0.8.1)
    polyglot (0.3.3)
    pony (1.3)
      mail (> 2.0)
    rack (1.3.5)
    rack-cache (1.1)
      rack (>= 0.4)
    rack-mount (0.8.3)
      rack (>= 1.0.0)
    rack-ssl (1.3.2)
      rack
    rack-test (0.6.1)
      rack (>= 1.0)
    rails (3.1.3)
      actionmailer (= 3.1.3)
      actionpack (= 3.1.3)
      activerecord (= 3.1.3)
      activeresource (= 3.1.3)
      activesupport (= 3.1.3)
      bundler (~> 1.0)
      railties (= 3.1.3)
    rails_autolink (1.0.4)
      rails (>= 3.1.0)
    railties (3.1.3)
      actionpack (= 3.1.3)
      activesupport (= 3.1.3)
      rack-ssl (~> 1.3.2)
      rake (>= 0.8.7)
      rdoc (~> 3.4)
      thor (~> 0.14.6)
    rake (0.9.2.2)
    rdoc (3.11)
      json (~> 1.4)
    rest-client (1.6.7)
      mime-types (>= 1.16)
    rpm_contrib (2.1.6)
      newrelic_rpm (>= 3.1.1)
      newrelic_rpm (>= 3.1.1)
    shoulda (2.11.3)
    shoulda-activemodel (0.0.2)
      shoulda (>= 2.11.0)
    sprockets (2.0.3)
      hike (~> 1.2)
      rack (~> 1.0)
      tilt (~> 1.1, != 1.3.0)
    thor (0.14.6)
    tilt (1.3.3)
    timecop (0.3.5)
    tire (0.3.12)
      activemodel (~> 3.0)
      multi_json (~> 1.0)
      rake
      rest-client (~> 1.6.0)
    treetop (1.4.10)
      polyglot
      polyglot (>= 0.3.1)
    tzinfo (0.3.31)

PLATFORMS
  ruby

DEPENDENCIES
  SystemTimer (~> 1.2.3)
  bson (~> 1.3.1)
  bson_ext (~> 1.3.1)
  chronic (~> 0.6.7)
  ci_reporter (~> 1.6.4)
  database_cleaner (~> 0.6.0)
  faker (~> 0.9.5)
  graylog2-declarative_authorization (~> 0.5.2)
  home_run (~> 1.0.2)
  hoptoad_notifier (~> 2.4.9)
  json (~> 1.5.1)
  kaminari (~> 0.12.4)
  machinist_mongo (~> 1.2.0)
  mocha (~> 0.9.12)
  mongoid (= 2.4.5)
  passenger (~> 3.0.9)
  pony (~> 1.1)
  rack (~> 1.3.5)
  rails (~> 3.1.3)
  rails_autolink (~> 1.0.4)
  rake (~> 0.9.2)
  rpm_contrib (~> 2.1.1)
  shoulda (~> 2.11.3)
  shoulda-activemodel (= 0.0.2)
  timecop (~> 0.3.5)
  tire (~> 0.3.12)
